PATH
  remote: .
  specs:
    configurator (1.0.0)
      json (~> 2.5)
      thor (~> 1.0)
      yaml (~> 0.1)

GEM
  remote: https://rubygems.org/
  specs:
    diff-lcs (1.6.0)
    json (2.10.1)
    rspec (3.13.0)
      rspec-core (~> 3.13.0)
      rspec-expectations (~> 3.13.0)
      rspec-mocks (~> 3.13.0)
    rspec-core (3.13.3)
      rspec-support (~> 3.13.0)
    rspec-expectations (3.13.3)
      diff-lcs (>= 1.2.0, < 2.0)
      rspec-support (~> 3.13.0)
    rspec-mocks (3.13.2)
      diff-lcs (>= 1.2.0, < 2.0)
      rspec-support (~> 3.13.0)
    rspec-support (3.13.2)
    thor (1.3.2)
    yaml (0.4.0)

PLATFORMS
  ruby
  x86_64-linux

DEPENDENCIES
  configurator!
  rspec (~> 3.10)

BUNDLED WITH
   2.6.2
